PATH
  remote: .
  specs:
    arduino (0.3.1)
      serialport (>= 1.0.4)

GEM
  remote: http://rubygems.org/
  specs:
    serialport (1.0.4)

PLATFORMS
  ruby

DEPENDENCIES
  arduino!
  serialport (>= 1.0.4)
